PATH
  remote: .
  specs:
    github-api-client (0.4.0.pre)
      OptionParser (>= 0.5.1)
      activerecord (>= 3.1.0)
      activesupport (>= 3.1.0)
      rainbow (>= 1.1.3)
      rake (= 0.8.7)
      sqlite3 (>= 1.3.5)

GEM
  remote: http://rubygems.org/
  specs:
    OptionParser (0.5.1)
    activemodel (3.2.1)
      activesupport (= 3.2.1)
      builder (~> 3.0.0)
    activerecord (3.2.1)
      activemodel (= 3.2.1)
      activesupport (= 3.2.1)
      arel (~> 3.0.0)
      tzinfo (~> 0.3.29)
    activesupport (3.2.1)
      i18n (~> 0.6)
      multi_json (~> 1.0)
    arel (3.0.0)
    builder (3.0.0)
    cucumber (1.1.4)
      builder (>= 2.1.2)
      diff-lcs (>= 1.1.2)
      gherkin (~> 2.7.1)
      json (>= 1.4.6)
      term-ansicolor (>= 1.0.6)
    diff-lcs (1.1.3)
    gherkin (2.7.6)
      json (>= 1.4.6)
    i18n (0.6.0)
    json (1.6.5)
    metaclass (0.0.1)
    minitest (2.11.0)
    mocha (0.10.3)
      metaclass (~> 0.0.1)
    multi_json (1.0.4)
    rainbow (1.1.3)
    rake (0.8.7)
    rspec-expectations (2.8.0)
      diff-lcs (~> 1.1.2)
    sqlite3 (1.3.5)
    term-ansicolor (1.0.7)
    tzinfo (0.3.31)
    yard (0.9.20)

PLATFORMS
  ruby

DEPENDENCIES
  cucumber (>= 1.1.4)
  github-api-client!
  minitest (>= 2.11.0)
  mocha (>= 0.10.0)
  rspec-expectations (>= 2.7.0)
  yard (>= 0.6.0)
